GEM
  remote: https://rubygems.org/
  specs:
    daemons (1.1.9)
    domain_name (0.5.14)
      unf (>= 0.0.5, < 1.0.0)
    eventmachine (1.0.3)
    faraday (0.8.8)
      multipart-post (~> 1.2.0)
    http-cookie (1.0.2)
      domain_name (~> 0.5)
    mechanize (2.7.2)
      domain_name (~> 0.5, >= 0.5.1)
      http-cookie (~> 1.0.0)
      mime-types (~> 1.17, >= 1.17.2)
      net-http-digest_auth (~> 1.1, >= 1.1.1)
      net-http-persistent (~> 2.5, >= 2.5.2)
      nokogiri (~> 1.4)
      ntlm-http (~> 0.1, >= 0.1.1)
      webrobots (>= 0.0.9, < 0.2)
    mime-types (1.25)
    mini_portile (0.5.2)
    multi_json (1.8.2)
    multipart-post (1.2.0)
    net-http-digest_auth (1.4)
    net-http-persistent (2.9)
    newrelic_rpm (3.6.9.171)
    nokogiri (1.6.0)
      mini_portile (~> 0.5.0)
    ntlm-http (0.1.1)
    rack (1.5.2)
    rack-protection (1.5.1)
      rack
    redis (3.0.6)
    simple_oauth (0.2.0)
    sinatra (1.4.4)
      rack (~> 1.4)
      rack-protection (~> 1.4)
      tilt (~> 1.3, >= 1.3.4)
    thin (1.6.1)
      daemons (>= 1.0.9)
      eventmachine (>= 1.0.0)
      rack (>= 1.0.0)
    tilt (1.4.1)
    twitter (4.8.1)
      faraday (~> 0.8, < 0.10)
      multi_json (~> 1.0)
      simple_oauth (~> 0.2)
    unf (0.1.3)
      unf_ext
    unf_ext (0.0.6)
    webrobots (0.1.1)

PLATFORMS
  ruby

DEPENDENCIES
  eventmachine
  mechanize
  newrelic_rpm
  redis
  sinatra
  thin
  twitter
